GEM
  remote: http://rubygems.org/
  specs:
    eventmachine (1.0.0.beta.3)
    gosu (0.7.33)
    texplay (0.3.5)
      gosu (>= 0.7.25)

PLATFORMS
  ruby

DEPENDENCIES
  eventmachine (~> 1.0.0.beta)
  gosu
  texplay
